FRAMEWORK: >= NET45
NUGET
  remote: https://www.nuget.org/api/v2
  specs:
    CsvHelper (2.15)
    FAKE (4.28)
    NUnit (2.6.4)
    NUnit.Runners (2.6.4)
    With (2.0.0)
